GEM
  remote: https://rubygems.org/
  specs:
    backports (3.17.1)
    coderay (1.1.2)
    dotenv (2.7.5)
    erubis (2.7.0)
    method_source (1.0.0)
    mini_portile2 (2.4.0)
    multi_json (1.14.1)
    nio4r (2.5.2)
    nokogiri (1.10.9)
      mini_portile2 (~> 2.4.0)
    pg (1.2.3)
    pry (0.13.1)
      coderay (~> 1.1)
      method_source (~> 1.0)
    puma (4.3.3)
      nio4r (~> 2.0)
    rack (1.6.13)
    rack-protection (1.5.5)
      rack
    rack-test (1.1.0)
      rack (>= 1.0, < 3)
    sinatra (1.4.8)
      rack (~> 1.5)
      rack-protection (~> 1.4)
      tilt (>= 1.3, < 3)
    sinatra-contrib (1.4.7)
      backports (>= 2.0)
      multi_json
      rack-protection
      rack-test
      sinatra (~> 1.4.0)
      tilt (>= 1.3, < 3)
    tilt (2.0.10)

PLATFORMS
  ruby

DEPENDENCIES
  dotenv
  erubis
  nokogiri
  pg
  pry
  puma
  sinatra (~> 1.4.7)
  sinatra-contrib

RUBY VERSION
   ruby 2.6.4p104

BUNDLED WITH
   2.1.3
